GIT
  remote: https://github.com/quarter-spiral/oauth2-provider.git
  revision: 97dccac6be286896e80b79447af1712b7cc19eb3
  specs:
    songkick-oauth2-provider (0.10.2)
      activerecord
      bcrypt-ruby
      json
      rack

GIT
  remote: https://github.com/quarter-spiral/sinatra_warden.git
  revision: 70d3037017c2ca6f69849e4e1e6deb438f242f16
  specs:
    sinatra_warden (0.3.2)
      sinatra (>= 1.0.0)
      warden (~> 1.0)

GIT
  remote: https://github.com/seomoz/qless.git
  revision: 8e2917be640cfa31cef70acbdd45abf73a5fe1ff
  ref: 8e2917be640cfa31cef70acbdd45abf73a5fe1ff
  submodules: true
  specs:
    qless (0.9.2)
      redis (>= 2.2)

PATH
  remote: .
  specs:
    canvas-app (0.0.85)
      angular-commons-middleware
      auth-client (>= 0.0.17)
      cache-backend-iron-cache (~> 0.0.4)
      cache-client (~> 0.0.4)
      coffee-script (= 2.2.0)
      datastore-client (>= 0.0.12)
      devcenter-backend (>= 0.0.50)
      facebook-client (>= 0.0.5)
      less (= 2.2.2)
      newrelic_rpm
      omniauth-oauth2
      ping-middleware (~> 0.0.2)
      playercenter-client (= 0.0.5)
      qs-request-tracker (>= 0.0.2)
      sass (= 3.2.1)
      sentry-raven
      sinatra (= 1.3.3)
      sinatra-assetpack (= 0.0.11)
      therubyracer (= 0.10.2)
      tracking-client (~> 0.0.6)
      uglifier
      uuid

GEM
  remote: https://rubygems.org/
  remote: https://user:We267RFF7BfwVt4LdqFA@privategems.herokuapp.com/
  specs:
    POpen4 (0.1.4)
      Platform (>= 0.4.0)
      open4
    Platform (0.4.0)
    actionpack (3.2.13)
      activemodel (= 3.2.13)
      activesupport (= 3.2.13)
      builder (~> 3.0.0)
      erubis (~> 2.7.0)
      journey (~> 1.0.4)
      rack (~> 1.4.5)
      rack-cache (~> 1.2)
      rack-test (~> 0.6.1)
      sprockets (~> 2.2.1)
    activemodel (3.2.13)
      activesupport (= 3.2.13)
      builder (~> 3.0.0)
    activerecord (3.2.13)
      activemodel (= 3.2.13)
      activesupport (= 3.2.13)
      arel (~> 3.0.2)
      tzinfo (~> 0.3.29)
    activesupport (3.2.13)
      i18n (= 0.6.1)
      multi_json (~> 1.0)
    addressable (2.3.2)
    angular-commons-middleware (0.0.5)
      brochure
      coffee-script
      json
      therubyracer
    arel (3.0.2)
    attr_required (0.0.5)
    auth-backend (0.0.33)
      activerecord (>= 3.2.13)
      bcrypt-ruby
      graph-client (~> 0.0.12)
      json (~> 1.7.7)
      kaminari
      newrelic_rpm
      omniauth (~> 1.1.1)
      omniauth-facebook (~> 1.4.1)
      padrino-helpers
      ping-middleware (~> 0.0.2)
      rack (~> 1.4.5)
      sinatra
      sinatra-activerecord
      sinatra-flash
      unicorn
      uuid
    auth-client (0.0.17)
      cache-client (~> 0.0.4)
      service-client (>= 0.0.14)
    backports (2.6.7)
    bcrypt-ruby (3.0.1)
    brochure (0.5.4)
      hike (~> 1.0)
      rack (~> 1.0)
      tilt (~> 1.1)
    bson (1.8.0)
      activesupport
    bson_ext (1.8.0)
      bson (~> 1.8.0)
    builder (3.0.4)
    cache-backend-iron-cache (0.0.4)
      iron_cache (= 1.4.0)
      json (>= 1.7)
    cache-client (0.0.4)
    capybara (1.1.4)
      mime-types (>= 1.16)
      nokogiri (>= 1.3.3)
      rack (>= 1.0.0)
      rack-test (>= 0.5.4)
      selenium-webdriver (~> 2.0)
      xpath (~> 0.1.4)
    capybara_minitest_spec (0.2.2)
      capybara
      minitest (>= 2.0)
    childprocess (0.3.6)
      ffi (~> 1.0, >= 1.0.6)
    coffee-script (2.2.0)
      coffee-script-source
      execjs
    coffee-script-source (1.6.2)
    commander (4.1.5)
      highline (~> 1.6.11)
    commonjs (0.2.6)
    daemons (1.1.9)
    datastore-backend (0.0.19)
      auth-client (>= 0.0.14)
      grape (~> 0.4.0)
      grape_newrelic (~> 0.0.3)
      json (~> 1.7.7)
      mongoid (~> 3.1.2)
      ping-middleware (~> 0.0.2)
      rack-jsonp-middleware (= 0.0.5)
      uuid
    datastore-client (0.0.12)
      commander
      json
      service-client (>= 0.0.14)
    descendants_tracker (0.0.1)
    devcenter-backend (0.0.54)
      auth-client (>= 0.0.15)
      cache-backend-iron-cache (~> 0.0.4)
      cache-client (~> 0.0.4)
      datastore-client (>= 0.0.11)
      grape (~> 0.4.0)
      grape_newrelic (~> 0.0.4)
      graph-client (>= 0.0.12)
      json (~> 1.7.7)
      ping-middleware (~> 0.0.2)
      rack (~> 1.4.5)
      rack-crossdomain-xml (>= 0.0.1)
      rack-fake-method (~> 0.0.1)
      stripe (~> 1.7.11)
      tracking-client (>= 0.0.6)
      uuid
    devcenter-client (0.0.4)
      service-client (>= 0.0.12)
    erubis (2.7.0)
    ethon (0.5.9)
      ffi (~> 1.2.0)
      mime-types (~> 1.18)
    eventmachine (1.0.0)
    execjs (1.4.0)
      multi_json (~> 1.0)
    facebook-client (0.0.5)
      fb_graph
    faraday (0.8.1)
      multipart-post (~> 1.1)
    faye-websocket (0.4.6)
      eventmachine (>= 0.12.0)
    fb_graph (2.7.8)
      httpclient (>= 2.2.0.2)
      multi_json (>= 1.3)
      rack-oauth2 (>= 0.14.4)
      tzinfo
    ffi (1.2.0)
    grape (0.4.0)
      activesupport
      builder
      hashie (>= 1.2.0)
      multi_json (>= 1.3.2)
      multi_xml (>= 0.5.2)
      rack (>= 1.3.0)
      rack-accept
      rack-mount
      virtus
    grape_newrelic (0.0.4)
      grape (>= 0.2.2)
      newrelic_rpm (>= 3.5.4.33)
    graph-backend (0.0.26)
      auth-client (>= 0.0.14)
      grape (~> 0.4.0)
      grape_newrelic (~> 0.0.4)
      json (~> 1.7.7)
      neography (= 1.0.9)
      ping-middleware (~> 0.0.2)
    graph-client (0.0.13)
      commander
      service-client (>= 0.0.14)
    hashie (1.2.0)
    highline (1.6.19)
    hike (1.2.1)
    hiredis (0.4.5)
    http_parser.rb (0.5.3)
    http_router (0.10.2)
      rack (>= 1.0.0)
      url_mount (~> 0.2.1)
    httpauth (0.2.0)
    httpclient (2.3.3)
    i18n (0.6.1)
    iron_cache (1.4.0)
      iron_core (>= 0.5.1)
    iron_core (0.5.2)
      rest (>= 2.2.0)
    journey (1.0.4)
    jsmin (1.0.1)
    json (1.7.7)
    jwt (0.1.8)
      multi_json (>= 1.5)
    kaminari (0.14.1)
      actionpack (>= 3.0.0)
      activesupport (>= 3.0.0)
    kgio (2.8.0)
    launchy (2.1.2)
      addressable (~> 2.3)
    less (2.2.2)
      commonjs (~> 0.2.6)
    libv8 (3.3.10.4)
    libwebsocket (0.1.7.1)
      addressable
      websocket
    macaddr (1.6.1)
      systemu (~> 2.5.0)
    mime-types (1.19)
    minitest (4.3.2)
    minuteman (1.0.2)
      redis (~> 3.0.2)
    mongoid (3.1.2)
      activemodel (~> 3.2)
      moped (~> 1.4.2)
      origin (~> 1.0)
      tzinfo (~> 0.3.22)
    moped (1.4.5)
    multi_json (1.7.2)
    multi_xml (0.5.3)
    multipart-post (1.2.0)
    neography (1.0.9)
      httpclient (>= 2.3.3)
      json (>= 1.6.0)
      multi_json (>= 1.3.2)
      os (>= 0.9.6)
      rake (>= 0.8.7)
      rubyzip (>= 0.9.7)
    newrelic_rpm (3.5.4.34)
    nokogiri (1.5.5)
    oauth2 (0.8.1)
      faraday (~> 0.8)
      httpauth (~> 0.1)
      jwt (~> 0.1.4)
      multi_json (~> 1.0)
      rack (~> 1.2)
    omniauth (1.1.3)
      hashie (~> 1.2)
      rack
    omniauth-facebook (1.4.1)
      omniauth-oauth2 (~> 1.1.0)
    omniauth-oauth2 (1.1.1)
      oauth2 (~> 0.8.0)
      omniauth (~> 1.0)
    open4 (1.3.0)
    origin (1.0.11)
    os (0.9.6)
    padrino-core (0.10.7)
      activesupport (~> 3.2.0)
      http_router (~> 0.10.2)
      sinatra (~> 1.3.1)
      thor (~> 0.15.2)
      tilt (~> 1.3.0)
    padrino-helpers (0.10.7)
      i18n (~> 0.6)
      padrino-core (= 0.10.7)
    ping-middleware (0.0.2)
    playercenter-backend (0.0.29)
      auth-client (>= 0.0.15)
      cache-backend-iron-cache (~> 0.0.4)
      cache-client (~> 0.0.4)
      devcenter-client (>= 0.0.4)
      grape (>= 0.2.2)
      grape_newrelic (~> 0.0.3)
      graph-client (>= 0.0.12)
      json (= 1.7.7)
      ping-middleware (~> 0.0.2)
    playercenter-client (0.0.5)
      service-client (>= 0.0.14)
    poltergeist (1.0.2)
      capybara (~> 1.1)
      childprocess (~> 0.3)
      faye-websocket (~> 0.4, >= 0.4.4)
      http_parser.rb (~> 0.5.3)
      multi_json (~> 1.0)
    qs-request-tracker (0.0.2)
      uuid
    rack (1.4.5)
    rack-accept (0.4.5)
      rack (>= 0.4)
    rack-cache (1.2)
      rack (>= 0.4)
    rack-client (0.4.0)
      rack (>= 1.0.0)
    rack-crossdomain-xml (0.0.1)
    rack-fake-method (0.0.1)
    rack-jsonp-middleware (0.0.5)
      rack
    rack-mount (0.8.3)
      rack (>= 1.0.0)
    rack-oauth2 (1.0.5)
      activesupport (>= 2.3)
      attr_required (>= 0.0.5)
      httpclient (>= 2.2.0.2)
      multi_json (>= 1.3.6)
      rack (>= 1.1)
    rack-protection (1.2.0)
      rack
    rack-test (0.6.2)
      rack (>= 1.0)
    raindrops (0.10.0)
    rake (10.0.3)
    redis (3.0.3)
    rest (2.5.0)
      rest-client (>= 0.3.0)
      typhoeus (>= 0.5.4)
    rest-client (1.6.7)
      mime-types (>= 1.16)
    rubyzip (0.9.9)
    sass (3.2.1)
    sdk-app (0.0.12)
      coffee-script (~> 2.2.0)
      json (~> 1.7.5)
      newrelic_rpm (~> 3.5.4.33)
      ping-middleware (~> 0.0.2)
      sinatra (~> 1.3.3)
      sinatra-assetpack (~> 0.0.11)
      therubyracer (~> 0.10.0)
      yui-compressor (~> 0.9.6)
    selenium-webdriver (2.26.0)
      childprocess (>= 0.2.5)
      libwebsocket (~> 0.1.3)
      multi_json (~> 1.0)
      rubyzip
    sentry-raven (0.6.0)
      faraday (>= 0.7.6)
      hashie (>= 1.1.0)
      uuidtools
    service-client (0.0.14)
      faraday (= 0.8.1)
      json
    sinatra (1.3.3)
      rack (~> 1.3, >= 1.3.6)
      rack-protection (~> 1.2)
      tilt (~> 1.3, >= 1.3.3)
    sinatra-activerecord (1.2.2)
      activerecord (~> 3.0)
      sinatra (~> 1.0)
    sinatra-assetpack (0.0.11)
      jsmin
      rack-test
      sinatra
      tilt (>= 1.3.0)
    sinatra-flash (0.3.0)
      sinatra (>= 1.0.0)
    spiral-galaxy (0.0.31)
      angular-commons-middleware (>= 0.0.5)
      auth-client (>= 0.0.14)
      devcenter-client (>= 0.0.4)
      less
      newrelic_rpm
      omniauth-oauth2
      ping-middleware (~> 0.0.2)
      rack (~> 1.4.5)
      rack-cache (~> 1.2)
      sprockets (~> 2.0)
      thin
    sprockets (2.2.2)
      hike (~> 1.2)
      multi_json (~> 1.0)
      rack (~> 1.0)
      tilt (~> 1.1, != 1.3.0)
    sqlite3 (1.3.6)
    stripe (1.7.11)
      multi_json (>= 1.0.4, < 2)
      rest-client (~> 1.4)
    systemu (2.5.2)
    therubyracer (0.10.2)
      libv8 (~> 3.3.10)
    thin (1.5.0)
      daemons (>= 1.0.9)
      eventmachine (>= 0.12.6)
      rack (>= 1.0.0)
    thor (0.15.4)
    tilt (1.3.6)
    tracking-client (0.0.6)
      hiredis (~> 0.4.5)
      minuteman (~> 1.0.2)
      uuid (~> 2.3.7)
      uuidtools (~> 2.1.3)
    typhoeus (0.6.1)
      ethon (~> 0.5.9)
    tzinfo (0.3.37)
    uglifier (2.1.1)
      execjs (>= 0.3.0)
      multi_json (~> 1.0, >= 1.0.2)
    unicorn (4.6.2)
      kgio (~> 2.6)
      rack
      raindrops (~> 0.7)
    url_mount (0.2.1)
      rack
    uuid (2.3.7)
      macaddr (~> 1.0)
    uuidtools (2.1.4)
    virtus (0.5.4)
      backports (~> 2.6.1)
      descendants_tracker (~> 0.0.1)
    warden (1.2.1)
      rack (>= 1.0)
    websocket (1.0.4)
    xpath (0.1.4)
      nokogiri (~> 1.3)
    yui-compressor (0.9.6)
      POpen4 (>= 0.1.4)

PLATFORMS
  ruby

DEPENDENCIES
  auth-backend (~> 0.0.33)
  bson_ext
  canvas-app!
  capybara
  capybara_minitest_spec
  datastore-backend (~> 0.0.19)
  graph-backend (~> 0.0.26)
  graph-client (~> 0.0.13)
  json
  launchy
  nokogiri
  playercenter-backend (~> 0.0.29)
  poltergeist
  qless!
  rack-client
  rack-test
  rake
  sdk-app (~> 0.0.12)
  sinatra_warden!
  songkick-oauth2-provider!
  spiral-galaxy (>= 0.0.31)
  sqlite3
  thin
