PATH
  remote: .
  specs:
    canvas-app (0.0.1)
      devcenter-backend (= 0.0.1)
      sass (= 3.2.1)
      sinatra (= 1.3.3)
      sinatra-assetpack (= 0.0.11)
      uuid

GEM
  remote: https://rubygems.org/
  remote: https://user:We267RFF7BfwVt4LdqFA@privategems.herokuapp.com/
  specs:
    activemodel (3.2.8)
      activesupport (= 3.2.8)
      builder (~> 3.0.0)
    activesupport (3.2.8)
      i18n (~> 0.6)
      multi_json (~> 1.0)
    bson (1.6.4)
    bson_ext (1.6.4)
      bson (~> 1.6.4)
    builder (3.0.3)
    daemons (1.1.9)
    datastore-backend (0.0.4)
      grape (= 0.2.0)
      json (= 1.7.4)
      mongoid (= 2.4.11)
      rack-jsonp-middleware (= 0.0.5)
    devcenter-backend (0.0.1)
      grape (= 0.2.0)
      json (= 1.7.4)
    eventmachine (1.0.0)
    grape (0.2.0)
      hashie (~> 1.2)
      multi_json
      multi_xml
      rack
      rack-mount
    hashie (1.2.0)
    i18n (0.6.1)
    jsmin (1.0.1)
    json (1.7.4)
    macaddr (1.6.1)
      systemu (~> 2.5.0)
    mongo (1.6.2)
      bson (~> 1.6.2)
    mongoid (2.4.11)
      activemodel (~> 3.1)
      mongo (<= 1.6.2)
      tzinfo (~> 0.3.22)
    multi_json (1.3.6)
    multi_xml (0.5.1)
    rack (1.4.1)
    rack-client (0.4.0)
      rack (>= 1.0.0)
    rack-jsonp-middleware (0.0.5)
      rack
    rack-mount (0.8.3)
      rack (>= 1.0.0)
    rack-protection (1.2.0)
      rack
    rack-test (0.6.1)
      rack (>= 1.0)
    rake (0.9.2.2)
    sass (3.2.1)
    sinatra (1.3.3)
      rack (~> 1.3, >= 1.3.6)
      rack-protection (~> 1.2)
      tilt (~> 1.3, >= 1.3.3)
    sinatra-assetpack (0.0.11)
      jsmin
      rack-test
      sinatra
      tilt (>= 1.3.0)
    systemu (2.5.2)
    thin (1.4.1)
      daemons (>= 1.0.9)
      eventmachine (>= 0.12.6)
      rack (>= 1.0.0)
    tilt (1.3.3)
    tzinfo (0.3.33)
    uuid (2.3.5)
      macaddr (~> 1.0)

PLATFORMS
  ruby

DEPENDENCIES
  bson_ext
  canvas-app!
  datastore-backend (= 0.0.4)
  json
  rack-client
  rack-test
  rake
  thin
